GEM
  remote: http://rubygems.org/
  specs:
    haml (3.1.7)
    rack (1.5.2)
    rack-protection (1.5.0)
      rack
    sinatra (1.3.3)
      rack (~> 1.3, >= 1.3.6)
      rack-protection (~> 1.2)
      tilt (~> 1.3, >= 1.3.3)
    tilt (1.3.7)

PLATFORMS
  ruby

DEPENDENCIES
  haml (= 3.1.7)
  sinatra (= 1.3.3)
